GEM
  remote: http://rubygems.org/
  specs:
    columnize (0.9.0)
    linecache (0.46-java)
    ruby-debug (0.10.5.rc9)
      columnize (>= 0.1)
      ruby-debug-base (~> 0.10.5.rc9.0)
    ruby-debug-base (0.10.5.rc9-java)
      linecache (~> 0.46)

PLATFORMS
  java

DEPENDENCIES
  ruby-debug (= 0.10.5.rc9)
  ruby-debug-base (= 0.10.5.rc9)

BUNDLED WITH
   1.10.6
