GEM
  remote: file:/home/gerard/dev/ruboto-debug/gemdir/
  specs:
    columnize (0.9.0)
    linecache (1.3.1.pre-java)
    ruby-debug (0.10.6)
      columnize (>= 0.1)
      linecache (= 1.3.1.pre)
      ruby-debug-base (~> 0.10.6.0)
    ruby-debug-base (0.10.6-java)

PLATFORMS
  java

DEPENDENCIES
  columnize (= 0.9.0)
  linecache (= 1.3.1.pre)
  ruby-debug (= 0.10.6)
  ruby-debug-base (= 0.10.6)

BUNDLED WITH
   1.10.6
